GIT
  remote: https://github.com/adamcooper/vestal_versions.git
  revision: 6273df533f85014062e346cb1807b0531a809ee2
  specs:
    vestal_versions (1.2.2)
      activerecord (>= 3.0.0)
      activesupport (>= 3.0.0)

GIT
  remote: https://github.com/danbee/ajaxful_rating_jquery.git
  revision: b4a2c760cdbad9cd865fb18667d14045018287ed
  specs:
    ajaxful_rating_jquery (3.0.0.beta3)

GEM
  remote: http://rubygems.org/
  specs:
    RedCloth (4.2.9)
    actionmailer (3.1.9)
      actionpack (= 3.1.9)
      mail (~> 2.3.3)
    actionpack (3.1.9)
      activemodel (= 3.1.9)
      activesupport (= 3.1.9)
      builder (~> 3.0.0)
      erubis (~> 2.7.0)
      i18n (~> 0.6)
      rack (~> 1.3.6)
      rack-cache (~> 1.2)
      rack-mount (~> 0.8.2)
      rack-test (~> 0.6.1)
      sprockets (~> 2.0.4)
    activemodel (3.1.9)
      activesupport (= 3.1.9)
      builder (~> 3.0.0)
      i18n (~> 0.6)
    activerecord (3.1.9)
      activemodel (= 3.1.9)
      activesupport (= 3.1.9)
      arel (~> 2.2.3)
      tzinfo (~> 0.3.29)
    activeresource (3.1.9)
      activemodel (= 3.1.9)
      activesupport (= 3.1.9)
    activesupport (3.1.9)
      multi_json (>= 1.0, < 1.3)
    acts-as-taggable-on (2.3.3)
      rails (~> 3.0)
    acts_as_commentable (3.0.0)
    arel (2.2.3)
    babosa (0.2.0)
    bcrypt-ruby (3.0.1)
    blueprint-rails (0.2.0)
      railties (>= 3.0, < 5.0)
      thor (>= 0.14, < 2.0)
    builder (3.0.4)
    chronic (0.9.0)
    chunky_png (1.2.6)
    cocaine (0.4.2)
    coffee-rails (3.1.1)
      coffee-script (>= 2.2.0)
      railties (~> 3.1.0)
    coffee-script (2.2.0)
      coffee-script-source
      execjs
    coffee-script-source (1.4.0)
    compass (0.12.2)
      chunky_png (~> 1.2)
      fssm (>= 0.2.7)
      sass (~> 3.1)
    compass-h5bp (0.1.0)
      compass
    compass-html5 (0.0.2)
    compass-rails (1.0.3)
      compass (>= 0.12.2, < 0.14)
    devise (2.1.2)
      bcrypt-ruby (~> 3.0)
      orm_adapter (~> 0.1)
      railties (~> 3.1)
      warden (~> 1.2.1)
    errorapp_notifier (7.0.1)
    erubis (2.7.0)
    execjs (1.4.0)
      multi_json (~> 1.0)
    friendly_id (3.1.6)
      babosa (~> 0.2.0)
    fssm (0.2.9)
    haml (3.1.7)
    hike (1.2.1)
    html5-rails (0.0.2)
      compass-html5 (~> 0.0.1)
      railties (~> 3.1.0)
      thor (~> 0.14)
    i18n (0.6.1)
    jquery-rails (0.2.4)
      rails (~> 3.0)
    json (1.7.6)
    mail (2.3.3)
      i18n (>= 0.4.0)
      mime-types (~> 1.16)
      treetop (~> 1.4.8)
    maruku (0.6.0)
      syntax (>= 1.0.0)
    mime-types (1.19)
    multi_json (1.2.0)
    mysql2 (0.3.11)
    orm_adapter (0.4.0)
    paperclip (2.8.0)
      activerecord (>= 2.3.0)
      activesupport (>= 2.3.2)
      cocaine (>= 0.0.2)
      mime-types
    polyglot (0.3.3)
    rack (1.3.6)
    rack-cache (1.2)
      rack (>= 0.4)
    rack-mount (0.8.3)
      rack (>= 1.0.0)
    rack-ssl (1.3.2)
      rack
    rack-test (0.6.2)
      rack (>= 1.0)
    rails (3.1.9)
      actionmailer (= 3.1.9)
      actionpack (= 3.1.9)
      activerecord (= 3.1.9)
      activeresource (= 3.1.9)
      activesupport (= 3.1.9)
      bundler (~> 1.0)
      railties (= 3.1.9)
    railties (3.1.9)
      actionpack (= 3.1.9)
      activesupport (= 3.1.9)
      rack-ssl (~> 1.3.2)
      rake (>= 0.8.7)
      rdoc (~> 3.4)
      thor (~> 0.14.6)
    rake (10.0.3)
    rdoc (3.12)
      json (~> 1.4)
    riddle (1.5.4)
    sass (3.2.4)
    sass-rails (3.1.6)
      actionpack (~> 3.1.0)
      railties (~> 3.1.0)
      sass (>= 3.1.10)
      tilt (~> 1.3.2)
    sprockets (2.0.4)
      hike (~> 1.2)
      rack (~> 1.0)
      tilt (~> 1.1, != 1.3.0)
    syntax (1.0.0)
    thinking-sphinx (2.0.10)
      activerecord (>= 3.0.3)
      builder (>= 2.1.2)
      riddle (>= 1.5.0)
    thor (0.14.6)
    tilt (1.3.3)
    treetop (1.4.12)
      polyglot
      polyglot (>= 0.3.1)
    tzinfo (0.3.35)
    uglifier (1.3.0)
      execjs (>= 0.3.0)
      multi_json (~> 1.0, >= 1.0.2)
    warden (1.2.1)
      rack (>= 1.0)
    whenever (0.8.1)
      activesupport (>= 2.3.4)
      chronic (>= 0.6.3)
    will_paginate (3.0.pre)

PLATFORMS
  ruby

DEPENDENCIES
  RedCloth
  acts-as-taggable-on (~> 2.3.1)
  acts_as_commentable
  ajaxful_rating_jquery!
  blueprint-rails
  coffee-rails (~> 3.1.1)
  compass-h5bp
  compass-rails
  devise
  errorapp_notifier
  friendly_id (~> 3.1)
  haml
  html5-rails
  jquery-rails
  maruku
  mysql2
  paperclip (~> 2.4)
  rails (= 3.1.9)
  sass
  sass-rails (~> 3.1.5)
  thinking-sphinx (= 2.0.10)
  uglifier (>= 1.0.3)
  vestal_versions!
  whenever
  will_paginate (= 3.0.pre)
